GEM
  remote: https://rubygems.org/
  specs:
    faraday (0.12.1)
      multipart-post (>= 1.2, < 3)
    json (1.8.3)
    mini_portile2 (2.1.0)
    mormon (2.0.2)
      nokogiri
    multipart-post (2.0.0)
    nokogiri (1.7.2)
      mini_portile2 (~> 2.1.0)
    rack (1.6.5)
    rack-protection (1.5.3)
      rack
    sinatra (1.4.8)
      rack (~> 1.5)
      rack-protection (~> 1.4)
      tilt (>= 1.3, < 3)
    sinatra-cross_origin (0.3.2)
    tilt (2.0.7)

PLATFORMS
  ruby

DEPENDENCIES
  faraday
  json
  mormon
  sinatra
  sinatra-cross_origin (~> 0.3.1)

BUNDLED WITH
   1.12.3
